GEM
  remote: https://rubygems.org/
  specs:
    rack (2.0.1)
    rake (11.2.2)

PLATFORMS
  ruby

DEPENDENCIES
  rack
  rake

BUNDLED WITH
   1.12.5
